PATH
  remote: ../bloc_works
  specs:
    bloc_works (0.1.0)
      bloc_record

GEM
  remote: https://rubygems.org/
  specs:
    activesupport (4.2.7.1)
      i18n (~> 0.7)
      json (~> 1.7, >= 1.7.7)
      minitest (~> 5.1)
      thread_safe (~> 0.3, >= 0.3.4)
      tzinfo (~> 1.1)
    bloc_record (0.0.2)
      activesupport (~> 4.2)
      sqlite3 (~> 1.3)
    erubis (2.7.0)
    i18n (0.7.0)
    json (1.8.3)
    minitest (5.9.1)
    rack (1.6.4)
    rake (10.5.0)
    sqlite3 (1.3.12)
    thread_safe (0.3.5)
    tzinfo (1.2.2)
      thread_safe (~> 0.1)

PLATFORMS
  ruby

DEPENDENCIES
  bloc_works!
  erubis (~> 2.7)
  rack (~> 1.6)
  rake (~> 10.0)
  sqlite3

BUNDLED WITH
   1.12.5
