PATH
  remote: ../bloc_works
  specs:
    bloc_works (0.1.0)

GEM
  remote: https://rubygems.org/
  specs:
    erubis (2.7.0)
    rack (1.6.4)
    rake (10.5.0)

PLATFORMS
  ruby

DEPENDENCIES
  bloc_works!
  erubis (~> 2.7)
  rack (~> 1.6)
  rake (~> 10.0)

BUNDLED WITH
   1.12.5
